PATH
  remote: .
  specs:
    enumerate_it (1.2.8)
      activesupport (>= 3.0.0)

GEM
  remote: http://rubygems.org/
  specs:
    activesupport (3.0.5)
    appraisal (2.1.0)
      bundler
      rake
      thor (>= 0.14.0)
    coderay (1.0.9)
    diff-lcs (1.2.5)
    method_source (0.8.1)
    pry (0.9.12)
      coderay (~> 1.0.5)
      method_source (~> 0.8)
      slop (~> 3.4)
    rake (11.1.1)
    rspec (2.14.1)
      rspec-core (~> 2.14.0)
      rspec-expectations (~> 2.14.0)
      rspec-mocks (~> 2.14.0)
    rspec-core (2.14.8)
    rspec-expectations (2.14.5)
      diff-lcs (>= 1.1.3, < 2.0)
    rspec-mocks (2.14.6)
    slop (3.4.4)
    thor (0.19.1)

PLATFORMS
  ruby

DEPENDENCIES
  appraisal
  enumerate_it!
  pry
  rake
  rspec (~> 2.14.1)

BUNDLED WITH
   1.11.2
